

GROUP Build
FRAMEWORK: NET45
NUGET
  remote: https://www.nuget.org/api/v2
    FAKE (4.50.1)
    GitVersion.CommandLine (3.6.5)
